PATH
  remote: .
  specs:
    flextures (4.0.0)

GEM
  remote: https://rubygems.org/
  specs:
    minitest (5.4.0)
    minitest-bang (0.1.1)
      minitest (>= 4.7.5, <= 5.4.0)
    minitest-implicit-subject (1.4.0)
      minitest
    minitest-line (0.6.2)
      minitest (~> 5.0)
    minitest-power_assert (0.0.3)
      minitest
      power_assert
    power_assert (0.2.2)
    rake (0.9.2.2)

PLATFORMS
  ruby

DEPENDENCIES
  bundler (~> 1.6)
  flextures!
  minitest (= 5.4.0)
  minitest-bang (= 0.1.1)
  minitest-implicit-subject (= 1.4.0)
  minitest-line (= 0.6.2)
  minitest-power_assert (= 0.0.3)
  rake

BUNDLED WITH
   1.10.6
