PATH
  remote: .
  specs:
    flextures (4.3.0)
      activerecord
      activesupport
      smarter_csv

GEM
  remote: https://rubygems.org/
  specs:
    activemodel (7.0.3.1)
      activesupport (= 7.0.3.1)
    activerecord (7.0.3.1)
      activemodel (= 7.0.3.1)
      activesupport (= 7.0.3.1)
    activesupport (7.0.3.1)
      concurrent-ruby (~> 1.0, >= 1.0.2)
      i18n (>= 1.6, < 2)
      minitest (>= 5.1)
      tzinfo (~> 2.0)
    concurrent-ruby (1.1.10)
    i18n (1.12.0)
      concurrent-ruby (~> 1.0)
    minitest (5.4.0)
    minitest-bang (0.1.1)
      minitest (>= 4.7.5, <= 5.4.0)
    minitest-implicit-subject (1.4.0)
      minitest
    minitest-line (0.6.2)
      minitest (~> 5.0)
    minitest-power_assert (0.0.3)
      minitest
      power_assert
    power_assert (2.0.1)
    rake (13.0.1)
    smarter_csv (1.2.6)
    tzinfo (2.0.5)
      concurrent-ruby (~> 1.0)

PLATFORMS
  ruby

DEPENDENCIES
  bundler (~> 1.6)
  flextures!
  minitest (= 5.4.0)
  minitest-bang (= 0.1.1)
  minitest-implicit-subject (= 1.4.0)
  minitest-line (= 0.6.2)
  minitest-power_assert (= 0.0.3)
  rake
  smarter_csv

RUBY VERSION
   ruby 2.6.0p-1

BUNDLED WITH
   1.17.2
