PATH
  remote: .
  specs:
    flextures (4.2.0)
      activerecord
      activesupport

GEM
  remote: https://rubygems.org/
  specs:
    activemodel (4.2.6)
      activesupport (= 4.2.6)
      builder (~> 3.1)
    activerecord (4.2.6)
      activemodel (= 4.2.6)
      activesupport (= 4.2.6)
      arel (~> 6.0)
    activesupport (4.2.6)
      i18n (~> 0.7)
      json (~> 1.7, >= 1.7.7)
      minitest (~> 5.1)
      thread_safe (~> 0.3, >= 0.3.4)
      tzinfo (~> 1.1)
    arel (6.0.3)
    builder (3.2.2)
    i18n (0.7.0)
    json (1.8.3)
    minitest (5.4.0)
    minitest-bang (0.1.1)
      minitest (>= 4.7.5, <= 5.4.0)
    minitest-implicit-subject (1.4.0)
      minitest
    minitest-line (0.6.2)
      minitest (~> 5.0)
    minitest-power_assert (0.0.3)
      minitest
      power_assert
    power_assert (0.2.2)
    rake (0.9.2.2)
    thread_safe (0.3.5)
    tzinfo (1.2.2)
      thread_safe (~> 0.1)

PLATFORMS
  ruby

DEPENDENCIES
  bundler (~> 1.6)
  flextures!
  minitest (= 5.4.0)
  minitest-bang (= 0.1.1)
  minitest-implicit-subject (= 1.4.0)
  minitest-line (= 0.6.2)
  minitest-power_assert (= 0.0.3)
  rake

BUNDLED WITH
   1.11.2
