PATH
  remote: .
  specs:
    flextures (4.2.8)
      activerecord
      activesupport

GEM
  remote: https://rubygems.org/
  specs:
    activemodel (5.2.0)
      activesupport (= 5.2.0)
    activerecord (5.2.0)
      activemodel (= 5.2.0)
      activesupport (= 5.2.0)
      arel (>= 9.0)
    activesupport (5.2.0)
      concurrent-ruby (~> 1.0, >= 1.0.2)
      i18n (>= 0.7, < 2)
      minitest (~> 5.1)
      tzinfo (~> 1.1)
    arel (9.0.0)
    concurrent-ruby (1.0.5)
    i18n (1.0.1)
      concurrent-ruby (~> 1.0)
    minitest (5.4.0)
    minitest-bang (0.1.1)
      minitest (>= 4.7.5, <= 5.4.0)
    minitest-implicit-subject (1.4.0)
      minitest
    minitest-line (0.6.2)
      minitest (~> 5.0)
    minitest-power_assert (0.0.3)
      minitest
      power_assert
    power_assert (0.2.2)
    rake (0.9.2.2)
    thread_safe (0.3.6)
    tzinfo (1.2.5)
      thread_safe (~> 0.1)

PLATFORMS
  ruby

DEPENDENCIES
  bundler (~> 1.6)
  flextures!
  minitest (= 5.4.0)
  minitest-bang (= 0.1.1)
  minitest-implicit-subject (= 1.4.0)
  minitest-line (= 0.6.2)
  minitest-power_assert (= 0.0.3)
  rake

RUBY VERSION
   ruby 2.2.3p173

BUNDLED WITH
   1.16.2
